PATH
  remote: .
  specs:
    swagger_autogenerate (1.0.8)

GEM
  remote: https://rubygems.org/
  specs:
    rake (13.2.1)

PLATFORMS
  arm64-darwin-23
  ruby

DEPENDENCIES
  rake (~> 13.0)
  swagger_autogenerate!

BUNDLED WITH
   2.5.3
